GEM
  remote: http://rubygems.org/
  specs:
    eventmachine (0.12.10)
    git (1.2.5)
    jeweler (1.6.4)
      bundler (~> 1.0)
      git (>= 1.2.5)
      rake
    rake (0.9.2)

PLATFORMS
  ruby

DEPENDENCIES
  eventmachine (>= 0.10.0)
  jeweler
  rake
